GEM
  remote: http://rubygems.org/
  specs:
    bourbon (3.1.8)
      sass (>= 3.2.0)
      thor
    coffee-script (2.2.0)
      coffee-script-source
      execjs
    coffee-script-source (1.7.0)
    execjs (2.9.1)
    filewatcher (0.3.2)
      trollop (>= 1.16.2)
    hike (1.2.3)
    json (2.7.2)
    multi_json (1.8.4)
    rack (1.5.2)
    rake (10.1.1)
    sass (3.2.13)
    sprockets (2.10.1)
      hike (~> 1.2)
      multi_json (~> 1.0)
      rack (~> 1.0)
      tilt (~> 1.1, != 1.3.0)
    thor (0.18.1)
    tilt (1.4.1)
    trollop (2.0)
    uglifier (2.7.2)
      execjs (>= 0.3.0)
      json (>= 1.8.0)

PLATFORMS
  ruby

DEPENDENCIES
  bourbon
  coffee-script
  filewatcher
  rake
  sass
  sprockets
  uglifier
